PATH
  remote: .
  specs:
    etd_model (0.0.4)
      active-fedora (= 1.2.6)

GEM
  remote: http://rubygems.org/
  remote: http://sulair-rails-dev.stanford.edu/
  specs:
    active-fedora (1.2.6)
      activeresource (< 3.0.0)
      mime-types (>= 1.16)
      multipart-post
      nokogiri
      om (>= 1.0)
      solr-ruby (>= 0.0.6)
      solrizer (>= 0.3.0)
      xml-simple (>= 1.0.12)
    activeresource (2.3.11)
      activesupport (= 2.3.11)
    activesupport (2.3.11)
    columnize (0.3.2)
    facets (2.9.1)
    i18n (0.5.0)
    linecache (0.43)
    lyberteam-devel (0.1.1)
      pony
      rake (>= 0.8.7)
    mail (2.2.15)
      activesupport (>= 2.3.6)
      i18n (>= 0.4.0)
      mime-types (~> 1.16)
      treetop (~> 1.4.8)
    mediashelf-loggable (0.4.1)
    mime-types (1.16)
    multipart-post (1.1.0)
    nokogiri (1.4.4)
    om (1.1.1)
      facets
      facets
      nokogiri
      nokogiri (>= 1.4.2)
    polyglot (0.3.1)
    pony (1.1)
      mail (> 2.0)
    rake (0.8.7)
    rcov (0.9.9)
    rdoc (3.5.3)
    rspec (1.3.1)
    ruby-debug (0.10.4)
      columnize (>= 0.1)
      ruby-debug-base (~> 0.10.4.0)
    ruby-debug-base (0.10.4)
      linecache (>= 0.3)
    solr-ruby (0.0.8)
    solrizer (1.0.1)
      mediashelf-loggable
      mediashelf-loggable
      nokogiri
      nokogiri
      nokogiri
      om
      om (>= 1.0.0)
      xml-simple
    treetop (1.4.9)
      polyglot (>= 0.3.1)
    xml-simple (1.0.14)

PLATFORMS
  ruby

DEPENDENCIES
  etd_model!
  lyberteam-devel (>= 0.1.1)
  rake (>= 0.8.7)
  rcov
  rdoc
  rspec (< 2.0)
  ruby-debug
