PATH
  remote: .
  specs:
    etd_model (1.1.0)
      active-fedora (= 1.2.6)
      dor-services (= 2.2.0)

GEM
  remote: http://rubygems.org/
  remote: http://sulair-rails-dev.stanford.edu/
  specs:
    active-fedora (1.2.6)
      activeresource (< 3.0.0)
      mime-types (>= 1.16)
      multipart-post
      nokogiri
      om (>= 1.0)
      solr-ruby (>= 0.0.6)
      solrizer (>= 0.3.0)
      xml-simple (>= 1.0.12)
    activeresource (2.3.11)
      activesupport (= 2.3.11)
    activesupport (2.3.11)
    bagit (0.2.0)
      validatable (~> 1.6)
    columnize (0.3.2)
    daemons (1.1.4)
    dor-services (2.2.0)
      active-fedora (>= 1.2.6)
      json
      lyber-utils
      mod-cons (>= 0.2.0)
      nokogiri (>= 1.4.3.1)
      om (>= 1.2.0)
      rest-client
      ruby-cache
      solr-ruby (>= 0.0.8)
      systemu
      uuidtools
      validatable
    i18n (0.5.0)
    json (1.6.1)
    linecache (0.43)
    lyber-utils (0.1.2)
      bagit (>= 0.1.0)
      nokogiri (>= 1.4.3.1)
      systemu (>= 1.2.0)
      validatable
    lyberteam-devel (0.1.1)
      pony
      rake (>= 0.8.7)
    mail (2.2.15)
      activesupport (>= 2.3.6)
      i18n (>= 0.4.0)
      mime-types (~> 1.16)
      treetop (~> 1.4.8)
    mediashelf-loggable (0.4.0)
    mime-types (1.16)
    mod-cons (0.2.0)
    multipart-post (1.1.3)
    nokogiri (1.5.0)
    om (1.4.3)
      mediashelf-loggable
      nokogiri (>= 1.4.2)
    polyglot (0.3.1)
    pony (1.1)
      mail (> 2.0)
    rake (0.8.7)
    rcov (0.9.9)
    rdoc (3.5.3)
    rest-client (1.6.7)
      mime-types (>= 1.16)
    rspec (1.3.1)
    ruby-cache (0.3.0)
    ruby-debug (0.10.4)
      columnize (>= 0.1)
      ruby-debug-base (~> 0.10.4.0)
    ruby-debug-base (0.10.4)
      linecache (>= 0.3)
    solr-ruby (0.0.8)
    solrizer (1.1.2)
      daemons
      mediashelf-loggable
      nokogiri
      om (>= 1.4.0)
      stomp
      xml-simple
    stomp (1.1.9)
    systemu (2.4.0)
    treetop (1.4.9)
      polyglot (>= 0.3.1)
    uuidtools (2.1.2)
    validatable (1.6.7)
    xml-simple (1.1.1)

PLATFORMS
  ruby

DEPENDENCIES
  etd_model!
  lyberteam-devel (>= 0.1.1)
  mediashelf-loggable (= 0.4)
  rake (>= 0.8.7)
  rcov
  rdoc
  rspec (< 2.0)
  ruby-debug
